PATH
  remote: .
  specs:
    nypl-branches_api (0.0.1)
      sequel
      sinatra
      sinatra-jsonp

GEM
  remote: https://rubygems.org/
  specs:
    multi_json (1.3.7)
    rack (1.5.2)
    rack-protection (1.5.1)
      rack
    rake (10.1.0)
    sequel (4.4.0)
    sinatra (1.4.4)
      rack (~> 1.4)
      rack-protection (~> 1.4)
      tilt (~> 1.3, >= 1.3.4)
    sinatra-jsonp (0.4.2)
      multi_json (~> 1.3.7)
      sinatra (~> 1.0)
    tilt (1.4.1)

PLATFORMS
  ruby

DEPENDENCIES
  bundler (~> 1.3)
  nypl-branches_api!
  rake
